PATH
  remote: .
  specs:
    debug_gem_example (0.1.0)

GEM
  remote: https://rubygems.org/
  specs:
    concurrent-ruby (1.1.10)
    faker (2.20.0)
      i18n (>= 1.8.11, < 2)
    i18n (1.10.0)
      concurrent-ruby (~> 1.0)
    power_assert (2.0.1)
    rake (13.0.6)
    test-unit (3.5.3)
      power_assert

PLATFORMS
  x86_64-linux

DEPENDENCIES
  debug_gem_example!
  faker (= 2.20.0)
  rake (~> 13.0)
  test-unit (~> 3.0)

BUNDLED WITH
   2.2.32
